NUGET
  remote: https://www.nuget.org/api/v2
  specs:
    FAKE (4.45.3)
    FsControl (1.0.9)
    FSharp.Control.AsyncSeq (2.0.9)
    FSharp.Core (4.0.0.1)
    FSharpPlus (0.0.4)
      FsControl (>= 1.0.9)
    FSharpx.Async (1.13.0)
      FSharp.Control.AsyncSeq
      FSharp.Core
    FSharpx.Collections (1.15.2)
      FSharp.Core
    FSharpx.Extras (2.2.0)
      FSharpx.Async
      FSharpx.Collections
